GEM
  remote: https://rubygems.org/
  specs:
    escape_utils (1.2.1)
    execjs (2.7.0)
    uglifier (4.1.6)
      execjs (>= 0.3.0, < 3)

PLATFORMS
  ruby

DEPENDENCIES
  escape_utils
  uglifier

BUNDLED WITH
   1.11.2
